GEM
  remote: https://rubygems.org/
  specs:
    coderay (1.1.3)
    date (3.1.0)
    method_source (1.0.0)
    nokogiri (1.12.4-x86_64-linux)
      racc (~> 1.4)
    open-uri (0.1.0)
      stringio
      time
      uri
    pry (0.14.1)
      coderay (~> 1.1)
      method_source (~> 1.0)
    racc (1.5.2)
    stringio (3.0.0)
    time (0.1.0)
      date
    uri (0.10.1)

PLATFORMS
  x86_64-linux

DEPENDENCIES
  nokogiri
  open-uri
  pry

RUBY VERSION
   ruby 3.0.0p0

BUNDLED WITH
   2.2.3
